PATH
  remote: .
  specs:
    intrinio-realtime (2.2.1)
      bigdecimal (~> 1.4.0)
      eventmachine (~> 1.2)
      http (~> 2.2)
      thread (~> 0.2.2)
      websocket-client-simple (~> 0.3)

GEM
  remote: https://rubygems.org/
  specs:
    addressable (2.8.0)
      public_suffix (>= 2.0.2, < 5.0)
    bigdecimal (1.4.4)
    domain_name (0.5.20190701)
      unf (>= 0.0.5, < 1.0.0)
    event_emitter (0.2.6)
    eventmachine (1.2.7)
    eventmachine (1.2.7-x64-mingw32)
    http (2.2.2)
      addressable (~> 2.3)
      http-cookie (~> 1.0)
      http-form_data (~> 1.0.1)
      http_parser.rb (~> 0.6.0)
    http-cookie (1.0.4)
      domain_name (~> 0.5)
    http-form_data (1.0.3)
    http_parser.rb (0.6.0)
    public_suffix (4.0.6)
    thread (0.2.2)
    unf (0.1.4)
      unf_ext
    unf_ext (0.0.8)
    unf_ext (0.0.8-x64-mingw32)
    websocket (1.2.9)
    websocket-client-simple (0.3.0)
      event_emitter
      websocket

PLATFORMS
  ruby
  x64-mingw32

DEPENDENCIES
  intrinio-realtime!

RUBY VERSION
   ruby 2.7.5p203

BUNDLED WITH
   2.1.4
