PATH
  remote: .
  specs:
    intrinio-realtime (5.0.0)
      bigdecimal (~> 2.0.0)
      eventmachine (~> 1.2)
      thread (~> 0.2.2)
      websocket-eventmachine-client (~> 1.3)

GEM
  remote: https://rubygems.org/
  specs:
    bigdecimal (2.0.3)
    eventmachine (1.2.7)
    eventmachine (1.2.7-x64-mingw32)
    thread (0.2.2)
    websocket (1.2.9)
    websocket-eventmachine-base (1.2.0)
      eventmachine (~> 1.0)
      websocket (~> 1.0)
      websocket-native (~> 1.0)
    websocket-eventmachine-client (1.3.0)
      websocket-eventmachine-base (~> 1.0)
    websocket-native (1.0.0)

PLATFORMS
  ruby
  x64-mingw32

DEPENDENCIES
  intrinio-realtime!

RUBY VERSION
   ruby 2.7.5p203

BUNDLED WITH
   2.1.4
